PATH
  remote: .
  specs:
    talentio-notifier (0.3.3)
      activesupport
      faraday
      holiday_jp
      slack-api
      slack-ruby-client
      thor

GEM
  remote: https://rubygems.org/
  specs:
    activesupport (6.0.3.3)
      concurrent-ruby (~> 1.0, >= 1.0.2)
      i18n (>= 0.7, < 2)
      minitest (~> 5.1)
      tzinfo (~> 1.1)
      zeitwerk (~> 2.2, >= 2.2.2)
    concurrent-ruby (1.1.6)
    diff-lcs (1.4.4)
    eventmachine (1.2.7)
    faraday (0.17.3)
      multipart-post (>= 1.2, < 3)
    faraday_middleware (0.10.1)
      faraday (>= 0.7.4, < 1.0)
    faye-websocket (0.10.9)
      eventmachine (>= 0.12.0)
      websocket-driver (>= 0.5.1)
    gli (2.19.2)
    hashie (4.1.0)
    holiday_jp (0.7.1)
    i18n (1.8.4)
      concurrent-ruby (~> 1.0)
    minitest (5.14.1)
    multi_json (1.15.0)
    multipart-post (2.1.1)
    rake (12.3.3)
    rspec (3.9.0)
      rspec-core (~> 3.9.0)
      rspec-expectations (~> 3.9.0)
      rspec-mocks (~> 3.9.0)
    rspec-core (3.9.2)
      rspec-support (~> 3.9.3)
    rspec-expectations (3.9.2)
      diff-lcs (>= 1.2.0, < 2.0)
      rspec-support (~> 3.9.0)
    rspec-mocks (3.9.1)
      diff-lcs (>= 1.2.0, < 2.0)
      rspec-support (~> 3.9.0)
    rspec-support (3.9.3)
    slack-api (1.6.1)
      faraday (~> 0.11)
      faraday_middleware (~> 0.10.0)
      faye-websocket (~> 0.10.6)
      multi_json (~> 1.0, >= 1.0.3)
    slack-ruby-client (0.14.6)
      activesupport
      faraday (>= 0.9)
      faraday_middleware
      gli
      hashie
      websocket-driver
    thor (1.0.1)
    thread_safe (0.3.6)
    tzinfo (1.2.7)
      thread_safe (~> 0.1)
    websocket-driver (0.7.3)
      websocket-extensions (>= 0.1.0)
    websocket-extensions (0.1.5)
    zeitwerk (2.4.0)

PLATFORMS
  ruby

DEPENDENCIES
  rake (~> 12.0)
  rspec (~> 3.0)
  talentio-notifier!

BUNDLED WITH
   2.1.4
